GEM
  remote: https://rubygems.org/
  specs:
    diff-lcs (1.3)
    dotenv (2.2.2)
    mustermann (1.0.3)
    nio4r (2.5.8)
    puma (4.3.12)
      nio4r (~> 2.0)
    rack (2.1.4.1)
    rack-protection (2.0.5)
      rack
    rake (12.3.3)
    redcarpet (3.5.1)
    rspec (3.7.0)
      rspec-core (~> 3.7.0)
      rspec-expectations (~> 3.7.0)
      rspec-mocks (~> 3.7.0)
    rspec-core (3.7.1)
      rspec-support (~> 3.7.0)
    rspec-expectations (3.7.0)
      diff-lcs (>= 1.2.0, < 2.0)
      rspec-support (~> 3.7.0)
    rspec-mocks (3.7.0)
      diff-lcs (>= 1.2.0, < 2.0)
      rspec-support (~> 3.7.0)
    rspec-support (3.7.1)
    sinatra (2.0.5)
      mustermann (~> 1.0)
      rack (~> 2.0)
      rack-protection (= 2.0.5)
      tilt (~> 2.0)
    slim (3.0.9)
      temple (>= 0.7.6, < 0.9)
      tilt (>= 1.3.3, < 2.1)
    temple (0.8.1)
    tilt (2.0.9)

PLATFORMS
  ruby

DEPENDENCIES
  dotenv (~> 2.2.1)
  puma (~> 4.3.12)
  rack (~> 2.1.4)
  rake (~> 12.3.3)
  redcarpet (~> 3.5.1)
  rspec (~> 3.7.0)
  sinatra (~> 2.0.3)
  slim (~> 3.0.9)

BUNDLED WITH
  1.17.2
